GEM
  remote: https://rubygems.org/
  specs:
    bson (1.9.2)
    haml (4.0.4)
      tilt
    i18n (0.6.5)
    money (6.0.0)
      i18n (~> 0.6.4)
    mongo (1.9.2)
      bson (~> 1.9.2)
    rack (1.5.2)
    rack-protection (1.5.1)
      rack
    redcarpet (3.0.0)
    sinatra (1.4.4)
      rack (~> 1.4)
      rack-protection (~> 1.4)
      tilt (~> 1.3, >= 1.3.4)
    tilt (1.4.1)

PLATFORMS
  ruby

DEPENDENCIES
  haml
  money
  mongo
  redcarpet
  sinatra
